GEM
  remote: https://rubygems.org/
  specs:
    builder (3.2.4)
    byebug (11.1.3)
    coderay (1.1.3)
    excon (0.103.0)
    fog-aws (3.19.0)
      fog-core (~> 2.1)
      fog-json (~> 1.1)
      fog-xml (~> 0.1)
    fog-core (2.3.0)
      builder
      excon (~> 0.71)
      formatador (>= 0.2, < 2.0)
      mime-types
    fog-json (1.2.0)
      fog-core
      multi_json (~> 1.10)
    fog-xml (0.1.4)
      fog-core
      nokogiri (>= 1.5.11, < 2.0.0)
    formatador (1.1.0)
    method_source (1.0.0)
    mime-types (3.5.1)
      mime-types-data (~> 3.2015)
    mime-types-data (3.2023.0808)
    multi_json (1.15.0)
    nokogiri (1.15.4-arm64-darwin)
      racc (~> 1.4)
    pry (0.14.2)
      coderay (~> 1.1)
      method_source (~> 1.0)
    pry-byebug (3.10.1)
      byebug (~> 11.0)
      pry (>= 0.13, < 0.15)
    racc (1.7.1)

PLATFORMS
  arm64-darwin-22

DEPENDENCIES
  fog-aws
  fog-core
  fog-xml
  mime-types
  pry-byebug

BUNDLED WITH
   2.4.13
